GEM
  remote: https://rubygems.org/
  specs:
    activesupport (3.2.13)
      i18n (= 0.6.1)
      multi_json (~> 1.0)
    addressable (2.3.4)
    bubble-wrap (1.1.5)
    cocoapods (0.13.0)
      activesupport (~> 3.2.6)
      colored (~> 1.2)
      escape (~> 0.0.4)
      faraday (~> 0.8.1)
      json (~> 1.7.3)
      octokit (~> 1.7.0)
      open4 (~> 1.3.0)
      rake (~> 0.9.0)
      xcodeproj (>= 0.3.0)
    colored (1.2)
    escape (0.0.4)
    faraday (0.8.7)
      multipart-post (~> 1.1)
    faraday_middleware (0.9.0)
      faraday (>= 0.7.4, < 0.9)
    formotion (1.3.1)
      bubble-wrap (>= 1.1.4)
      motion-require (~> 0.0.3)
    hashie (1.2.0)
    i18n (0.6.1)
    json (1.7.7)
    motion-cocoapods (1.1.4)
      cocoapods (>= 0.9.1)
    motion-require (0.0.4)
    multi_json (1.7.2)
    multipart-post (1.2.0)
    nano-store (0.3.13)
      bubble-wrap (~> 1.1.0)
      motion-cocoapods (~> 1.1.0)
    octokit (1.7.0)
      addressable (~> 2.2)
      faraday (~> 0.8)
      faraday_middleware (~> 0.8)
      hashie (~> 1.2)
      multi_json (~> 1.3)
    open4 (1.3.0)
    rake (0.9.6)
    xcodeproj (0.5.5)
      activesupport (~> 3.2.13)
      colored (~> 1.2)

PLATFORMS
  ruby

DEPENDENCIES
  bubble-wrap
  cocoapods (= 0.13.0)
  formotion
  motion-cocoapods (~> 1.1.2)
  nano-store
